PATH
  remote: .
  specs:
    git-deploy (0.5.5)
      net-scp
      net-ssh
      thor

GEM
  remote: http://rubygems.org/
  specs:
    net-scp (1.1.0)
      net-ssh (>= 2.6.5)
    net-ssh (2.6.7)
    rake (10.0.4)
    rake-notes (0.0.1)
      rake
    thor (0.18.1)

PLATFORMS
  ruby

DEPENDENCIES
  git-deploy!
  rake
  rake-notes
